{
  "Modality": "MR",
  "MagneticFieldStrength": 3,
  "ImagingFrequency": 123.232,
  "Manufacturer": "Siemens",
  "ManufacturersModelName": "Prisma",
  "InstitutionName": "Universite_d_aix_Marseille",
  "InstitutionalDepartmentName": "Department",
  "InstitutionAddress": "deleted_by_bidsonym",
  "DeviceSerialNumber": "66072",
  "StationName": "AWP66072",
  "SeriesInstanceUID": "1.3.12.2.1107.5.2.43.66072.202011301422486198751229.0.0.0",
  "StudyInstanceUID": "1.3.12.2.1107.5.2.43.66072.30000020113008040863100000007",
  "StudyID": "1",
  "PatientName": "sub-22",
  "PatientID": "20.11.30-14:07:08-STD-1.3.12.2.1107.5.2.43.66072",
  "PatientBirthDate": "1994-10-17",
  "PatientSex": "M",
  "PatientWeight": 67,
  "BodyPartExamined": "HEAD",
  "PatientPosition": "HFS",
  "ProcedureStepDescription": "Projets_Gloups",
  "SoftwareVersions": "syngo_MR_E11",
  "MRAcquisitionType": "2D",
  "SeriesDescription": "Fieldmap_topup_AP",
  "ProtocolName": "Fieldmap_topup_AP",
  "ScanningSequence": "EP",
  "SequenceVariant": "SK",
  "ScanOptions": "FS",
  "SequenceName": "epse2d1_84",
  "ImageType": [
    "ORIGINAL",
    "PRIMARY",
    "M",
    "ND",
    "MOSAIC"
  ],
  "SeriesNumber": 5,
  "AcquisitionTime": "14:22:51.052500",
  "AcquisitionDateTime": "deleted_by_bidsonym",
  "AcquisitionNumber": 1,
  "ImageComments": "SENSE1",
  "SliceThickness": 2.5,
  "SpacingBetweenSlices": 2.5,
  "SAR": 0.126021,
  "EchoTime": 0.059,
  "RepetitionTime": 7.06,
  "FlipAngle": 90,
  "PartialFourier": 1,
  "BaseResolution": 84,
  "ShimSetting": [
    -570,
    -10696,
    -621,
    368,
    137,
    205,
    -191,
    -94
  ],
  "TxRefAmp": 229.339,
  "PhaseResolution": 1,
  "ReceiveCoilName": "HeadNeck_64",
  "ReceiveCoilActiveElements": "HC1-7",
  "PulseSequenceDetails": "%CustomerSeq%_cmrr_mbep2d_se",
  "WipMemBlock": "b03b4967-4912-4a9d-8d98-6a28e5e13846||Sequence: R016 ve11c/master r/e634e98; Dec 19 2017 11:22:56 by eja",
  "ConsistencyInfo": "N4_VE11C_LATEST_20160120",
  "PercentPhaseFOV": 100,
  "EchoTrainLength": 84,
  "PhaseEncodingSteps": 84,
  "AcquisitionMatrixPE": 84,
  "ReconMatrixPE": 84,
  "BandwidthPerPixelPhaseEncode": 23.81,
  "EffectiveEchoSpacing": 0.00049999,
  "DerivedVendorReportedEchoSpacing": 0.00049999,
  "TotalReadoutTime": 0.0414992,
  "PixelBandwidth": 2590,
  "DwellTime": 2.3e-06,
  "PhaseEncodingDirection": "j-",
  "SliceTiming": [
    3.52,
    0,
    3.645,
    0.125,
    3.77,
    0.2525,
    3.8975,
    0.3775,
    4.0225,
    0.5025,
    4.1475,
    0.6275,
    4.275,
    0.755,
    4.4,
    0.88,
    4.525,
    1.005,
    4.65,
    1.1325,
    4.7775,
    1.2575,
    4.9025,
    1.3825,
    5.0275,
    1.5075,
    5.155,
    1.635,
    5.28,
    1.76,
    5.405,
    1.885,
    5.53,
    2.0125,
    5.6575,
    2.1375,
    5.7825,
    2.2625,
    5.9075,
    2.3875,
    6.035,
    2.515,
    6.16,
    2.64,
    6.285,
    2.765,
    6.41,
    2.89,
    6.5375,
    3.0175,
    6.6625,
    3.1425,
    6.7875,
    3.2675,
    6.915,
    3.395
  ],
  "ImageOrientationPatientDICOM": [
    0.990875,
    -0.0479635,
    0.125964,
    0.0547046,
    0.997219,
    -0.0506118
  ],
  "InPlanePhaseEncodingDirectionDICOM": "COL",
  "ConversionSoftware": "dcm2niix",
  "ConversionSoftwareVersion": "v1.0.20190410  (JP2:OpenJPEG) (JP-LS:CharLS) MSC1900",
  "Units": "Hz",
  "IntendedFor": [
    "func/sub-22_task-gloups_run-01_bold.nii.gz",
    "func/sub-22_task-gloups_run-02_bold.nii.gz",
    "func/sub-22_task-gloups_run-03_bold.nii.gz",
    "func/sub-22_task-gloups_run-04_bold.nii.gz",
    "func/sub-22_task-gloups_run-05_bold.nii.gz"
  ]
}
