{
    "Modality": "MR",
    "MagneticFieldStrength": 3,
    "ImagingFrequency": 123.232,
    "Manufacturer": "Siemens",
    "ManufacturersModelName": "Prisma",
    "InstitutionName": "Universite_d_aix_Marseille",
    "InstitutionalDepartmentName": "Department",
    "InstitutionAddress": "deleted_by_bidsonym",
    "DeviceSerialNumber": "66072",
    "StationName": "AWP66072",
    "SeriesInstanceUID": "1.3.12.2.1107.5.2.43.66072.2020100910510933026803588.0.0.0",
    "StudyInstanceUID": "1.3.12.2.1107.5.2.43.66072.30000020100908443501000000001",
    "StudyID": "1",
    "PatientName": "sub-02",
    "PatientID": "20.10.09-09:58:47-DST-1.3.12.2.1107.5.2.43.66072",
    "PatientBirthDate": "1992-10-17",
    "PatientSex": "F",
    "PatientWeight": 80,
    "BodyPartExamined": "HEAD",
    "PatientPosition": "HFS",
    "ProcedureStepDescription": "Projets_Gloups",
    "SoftwareVersions": "syngo_MR_E11",
    "MRAcquisitionType": "2D",
    "SeriesDescription": "Fieldmap_topup_AP",
    "ProtocolName": "Fieldmap_topup_AP",
    "ScanningSequence": "EP",
    "SequenceVariant": "SK",
    "ScanOptions": "FS",
    "SequenceName": "epse2d1_84",
    "ImageType": [
        "ORIGINAL",
        "PRIMARY",
        "M",
        "ND",
        "MOSAIC"
    ],
    "SeriesNumber": 5,
    "AcquisitionTime": "10:51:11.800000",
    "AcquisitionDateTime": "deleted_by_bidsonym",
    "AcquisitionNumber": 1,
    "ImageComments": "SENSE1",
    "SliceThickness": 2.5,
    "SpacingBetweenSlices": 2.5,
    "SAR": 0.125469,
    "EchoTime": 0.059,
    "RepetitionTime": 7.06,
    "FlipAngle": 90,
    "PartialFourier": 1,
    "BaseResolution": 84,
    "ShimSetting": [
        -588,
        -10756,
        -572,
        510,
        52,
        -99,
        -163,
        -12
    ],
    "TxRefAmp": 243.274,
    "PhaseResolution": 1,
    "ReceiveCoilName": "HeadNeck_64",
    "ReceiveCoilActiveElements": "HC1-7",
    "PulseSequenceDetails": "%CustomerSeq%_cmrr_mbep2d_se",
    "WipMemBlock": "47f4fbba-fb00-42c2-a165-a6734ea7282b||Sequence: R016 ve11c/master r/e634e98; Dec 19 2017 11:22:56 by eja",
    "ConsistencyInfo": "N4_VE11C_LATEST_20160120",
    "PercentPhaseFOV": 100,
    "EchoTrainLength": 84,
    "PhaseEncodingSteps": 84,
    "AcquisitionMatrixPE": 84,
    "ReconMatrixPE": 84,
    "BandwidthPerPixelPhaseEncode": 23.81,
    "EffectiveEchoSpacing": 0.00049999,
    "DerivedVendorReportedEchoSpacing": 0.00049999,
    "TotalReadoutTime": 0.0414992,
    "PixelBandwidth": 2590,
    "DwellTime": 2.3e-06,
    "PhaseEncodingDirection": "j-",
    "SliceTiming": [
        3.52,
        0,
        3.6475,
        0.1275,
        3.7725,
        0.2525,
        3.8975,
        0.3775,
        4.025,
        0.505,
        4.15,
        0.63,
        4.275,
        0.755,
        4.4,
        0.88,
        4.5275,
        1.0075,
        4.6525,
        1.1325,
        4.7775,
        1.2575,
        4.905,
        1.385,
        5.03,
        1.51,
        5.155,
        1.635,
        5.28,
        1.76,
        5.4075,
        1.8875,
        5.5325,
        2.0125,
        5.6575,
        2.1375,
        5.785,
        2.265,
        5.91,
        2.39,
        6.035,
        2.515,
        6.16,
        2.64,
        6.2875,
        2.7675,
        6.4125,
        2.8925,
        6.5375,
        3.0175,
        6.665,
        3.145,
        6.79,
        3.27,
        6.915,
        3.395
    ],
    "ImageOrientationPatientDICOM": [
        0.999957,
        0.00496201,
        -0.00782185,
        -0.00610848,
        0.988031,
        -0.154131
    ],
    "InPlanePhaseEncodingDirectionDICOM": "COL",
    "ConversionSoftware": "dcm2niix",
    "ConversionSoftwareVersion": "v1.0.20190410  (JP2:OpenJPEG) (JP-LS:CharLS) MSC1900",
    "IntendedFor": [
        "func/sub-02_task-gloups_run-01_bold.nii.gz",
        "func/sub-02_task-gloups_run-02_bold.nii.gz",
        "func/sub-02_task-gloups_run-03_bold.nii.gz",
        "func/sub-02_task-gloups_run-04_bold.nii.gz",
        "func/sub-02_task-gloups_run-05_bold.nii.gz",
        "func/sub-02_task-rest_run-01_bold.nii.gz",
        "func/sub-02_task-rest_run-02_bold.nii.gz"
    ]
}