{
    "AcquisitionDateTime": "deleted_by_bidsonym",
    "AcquisitionMatrixPE": 84,
    "AcquisitionNumber": 1,
    "AcquisitionTime": "15:13:5.890000",
    "BandwidthPerPixelPhaseEncode": 24.295,
    "BaseResolution": 84,
    "BodyPartExamined": "HEAD",
    "ConsistencyInfo": "N4_VE11C_LATEST_20160120",
    "ConversionSoftware": "dcm2niix",
    "ConversionSoftwareVersion": "v1.0.20190410  (JP2:OpenJPEG) (JP-LS:CharLS) MSC1900",
    "DerivedVendorReportedEchoSpacing": 0.000490009,
    "DeviceSerialNumber": "66072",
    "DwellTime": 2.3e-06,
    "EchoTime": 0.03,
    "EchoTrainLength": 84,
    "EffectiveEchoSpacing": 0.000490009,
    "FlipAngle": 65,
    "ImageComments": "Single-band_reference_SENSE1",
    "ImageOrientationPatientDICOM": [
        0.996922,
        -0.0106799,
        0.0776671,
        0.00817799,
        0.99944,
        0.0324606
    ],
    "ImageType": [
        "ORIGINAL",
        "PRIMARY",
        "M",
        "ND",
        "MOSAIC"
    ],
    "ImagingFrequency": 123.262,
    "InPlanePhaseEncodingDirectionDICOM": "COL",
    "InstitutionAddress": "deleted_by_bidsonym",
    "InstitutionName": "Universite_d_aix_Marseille",
    "InstitutionalDepartmentName": "Department",
    "MRAcquisitionType": "2D",
    "MagneticFieldStrength": 3,
    "Manufacturer": "Siemens",
    "ManufacturersModelName": "Prisma",
    "Modality": "MR",
    "PartialFourier": 1,
    "PatientBirthDate": "1996-01-01",
    "PatientID": "21.04.28-14:05:41-DST-1.3.12.2.1107.5.2.43.66072",
    "PatientName": "sub-26",
    "PatientPosition": "HFS",
    "PatientSex": "F",
    "PatientWeight": 53,
    "PercentPhaseFOV": 100,
    "PhaseEncodingDirection": "j-",
    "PhaseEncodingSteps": 84,
    "PhaseResolution": 1,
    "PixelBandwidth": 2590,
    "ProcedureStepDescription": "Projets_Gloups",
    "ProtocolName": "task-rest_run2_bold",
    "PulseSequenceDetails": "%CustomerSeq%_cmrr_mbep2d_bold",
    "ReceiveCoilActiveElements": "HC1-7",
    "ReceiveCoilName": "HeadNeck_64",
    "ReconMatrixPE": 84,
    "RepetitionTime": 0.931,
    "SAR": 0.0959431,
    "ScanOptions": "FS_EXT",
    "ScanningSequence": "EP",
    "SequenceName": "epfid2d1_84",
    "SequenceVariant": "SK_SS",
    "SeriesDescription": "task-rest_run2_bold_SBRef",
    "SeriesInstanceUID": "1.3.12.2.1107.5.2.43.66072.2021042815121334907852146.0.0.0",
    "SeriesNumber": 37,
    "ShimSetting": [
        -554,
        -10692,
        -741,
        463,
        57,
        154,
        128,
        0
    ],
    "SliceThickness": 2.5,
    "SliceTiming": [
        3.6575,
        3.59,
        3.525,
        3.4575,
        3.39,
        3.325,
        3.2575,
        3.1925,
        3.125,
        3.0575,
        2.9925,
        2.925,
        2.86,
        2.7925,
        2.725,
        2.66,
        2.5925,
        2.5275,
        2.46,
        2.3925,
        2.3275,
        2.26,
        2.195,
        2.1275,
        2.06,
        1.995,
        1.9275,
        1.8625,
        1.795,
        1.7275,
        1.6625,
        1.595,
        1.53,
        1.4625,
        1.395,
        1.33,
        1.2625,
        1.1975,
        1.13,
        1.0625,
        0.9975,
        0.93,
        0.865,
        0.7975,
        0.73,
        0.665,
        0.5975,
        0.5325,
        0.465,
        0.3975,
        0.3325,
        0.265,
        0.2,
        0.1325,
        0.065,
        0
    ],
    "SoftwareVersions": "syngo_MR_E11",
    "SpacingBetweenSlices": 2.5,
    "StationName": "AWP66072",
    "StudyID": "1",
    "StudyInstanceUID": "1.3.12.2.1107.5.2.43.66072.30000021042808535947800000004",
    "TaskName": "rest",
    "TotalReadoutTime": 0.0406707,
    "TxRefAmp": 232.618,
    "WipMemBlock": "018b0400-27fe-42ed-bcd3-5f1d6b08a889||Sequence: R016 ve11c/master r/e634e98; Dec 19 2017 11:00:25 by eja"
}