{
    "Modality": "MR",
    "MagneticFieldStrength": 3,
    "ImagingFrequency": 123.232,
    "Manufacturer": "Siemens",
    "ManufacturersModelName": "Prisma",
    "InstitutionName": "Universite_d_aix_Marseille",
    "InstitutionalDepartmentName": "Department",
    "InstitutionAddress": "deleted_by_bidsonym",
    "DeviceSerialNumber": "66072",
    "StationName": "AWP66072",
    "SeriesInstanceUID": "1.3.12.2.1107.5.2.43.66072.2020102312004885985529773.0.0.0",
    "StudyInstanceUID": "1.3.12.2.1107.5.2.43.66072.30000020102306513526300000004",
    "StudyID": "1",
    "PatientName": "sub-06",
    "PatientID": "20.10.23-10:40:11-DST-1.3.12.2.1107.5.2.43.66072",
    "PatientBirthDate": "1993-10-17",
    "PatientSex": "F",
    "PatientWeight": 85,
    "BodyPartExamined": "HEAD",
    "PatientPosition": "HFS",
    "ProcedureStepDescription": "Projets_Gloups",
    "SoftwareVersions": "syngo_MR_E11",
    "MRAcquisitionType": "2D",
    "SeriesDescription": "Fieldmap2_topup_PA",
    "ProtocolName": "Fieldmap2_topup_PA",
    "ScanningSequence": "EP",
    "SequenceVariant": "SK",
    "ScanOptions": "FS",
    "SequenceName": "epse2d1_84",
    "ImageType": [
        "ORIGINAL",
        "PRIMARY",
        "M",
        "ND",
        "MOSAIC"
    ],
    "SeriesNumber": 123,
    "AcquisitionTime": "12:00:52.152500",
    "AcquisitionDateTime": "deleted_by_bidsonym",
    "AcquisitionNumber": 1,
    "ImageComments": "SENSE1",
    "SliceThickness": 2.5,
    "SpacingBetweenSlices": 2.5,
    "SAR": 0.130913,
    "EchoTime": 0.059,
    "RepetitionTime": 7.06,
    "FlipAngle": 90,
    "PartialFourier": 1,
    "BaseResolution": 84,
    "ShimSetting": [
        -594,
        -10770,
        -598,
        326,
        3,
        39,
        -36,
        49
    ],
    "TxRefAmp": 249.743,
    "PhaseResolution": 1,
    "ReceiveCoilName": "HeadNeck_64",
    "ReceiveCoilActiveElements": "HC1-7",
    "PulseSequenceDetails": "%CustomerSeq%_cmrr_mbep2d_se",
    "WipMemBlock": "5d0cca0f-1da5-4390-88be-6fbbc0c98aa2||Sequence: R016 ve11c/master r/e634e98; Dec 19 2017 11:22:56 by eja",
    "ConsistencyInfo": "N4_VE11C_LATEST_20160120",
    "PercentPhaseFOV": 100,
    "EchoTrainLength": 84,
    "PhaseEncodingSteps": 84,
    "AcquisitionMatrixPE": 84,
    "ReconMatrixPE": 84,
    "BandwidthPerPixelPhaseEncode": 23.81,
    "EffectiveEchoSpacing": 0.00049999,
    "DerivedVendorReportedEchoSpacing": 0.00049999,
    "TotalReadoutTime": 0.0414992,
    "PixelBandwidth": 2590,
    "DwellTime": 2.3e-06,
    "PhaseEncodingDirection": "j",
    "SliceTiming": [
        3.52,
        0,
        3.645,
        0.1275,
        3.7725,
        0.2525,
        3.8975,
        0.3775,
        4.0225,
        0.5025,
        4.15,
        0.63,
        4.275,
        0.755,
        4.4,
        0.88,
        4.525,
        1.0075,
        4.6525,
        1.1325,
        4.7775,
        1.2575,
        4.9025,
        1.3825,
        5.03,
        1.51,
        5.155,
        1.635,
        5.28,
        1.76,
        5.405,
        1.8875,
        5.5325,
        2.0125,
        5.6575,
        2.1375,
        5.7825,
        2.2625,
        5.91,
        2.39,
        6.035,
        2.515,
        6.16,
        2.64,
        6.285,
        2.765,
        6.4125,
        2.8925,
        6.5375,
        3.0175,
        6.6625,
        3.1425,
        6.79,
        3.27,
        6.915,
        3.395
    ],
    "ImageOrientationPatientDICOM": [
        0.998383,
        0.00780818,
        0.0563029,
        0.0054018,
        0.973004,
        -0.230724
    ],
    "InPlanePhaseEncodingDirectionDICOM": "COL",
    "ConversionSoftware": "dcm2niix",
    "ConversionSoftwareVersion": "v1.0.20190410  (JP2:OpenJPEG) (JP-LS:CharLS) MSC1900",
    "IntendedFor": [
        "func/sub-06_task-gloups_run-04_bold.nii.gz",
        "func/sub-06_task-gloups_run-05_bold.nii.gz",
        "func/sub-06_task-rest_run-02_bold.nii.gz"
    ]
}