{
    "Modality": "MR",
    "MagneticFieldStrength": 3,
    "ImagingFrequency": 123.232,
    "Manufacturer": "Siemens",
    "ManufacturersModelName": "Prisma",
    "InstitutionName": "Universite_d_aix_Marseille",
    "InstitutionalDepartmentName": "Department",
    "InstitutionAddress": "deleted_by_bidsonym",
    "DeviceSerialNumber": "66072",
    "StationName": "AWP66072",
    "SeriesInstanceUID": "1.3.12.2.1107.5.2.43.66072.2020112716073966236573732.0.0.0",
    "StudyInstanceUID": "1.3.12.2.1107.5.2.43.66072.30000020112708394233900000010",
    "StudyID": "1",
    "PatientName": "sub-19",
    "PatientID": "20.11.27-14:52:41-STD-1.3.12.2.1107.5.2.43.66072",
    "PatientBirthDate": "1993-10-17",
    "PatientSex": "F",
    "PatientWeight": 66,
    "BodyPartExamined": "HEAD",
    "PatientPosition": "HFS",
    "ProcedureStepDescription": "Projets_Gloups",
    "SoftwareVersions": "syngo_MR_E11",
    "MRAcquisitionType": "3D",
    "SeriesDescription": "T1w",
    "ProtocolName": "T1w",
    "ScanningSequence": "GR_IR",
    "SequenceVariant": "SK_SP_MP",
    "ScanOptions": "IR_WE",
    "SequenceName": "WIP_cmp3d1_16ns",
    "ImageType": [
        "ORIGINAL",
        "PRIMARY",
        "M",
        "NORM",
        "DIS3D",
        "DIS2D"
    ],
    "SeriesNumber": 42,
    "AcquisitionTime": "16:07:47.797500",
    "AcquisitionDateTime": "deleted_by_bidsonym",
    "AcquisitionNumber": 1,
    "SliceThickness": 1,
    "SAR": 0.0467309,
    "EchoTime": 0.00324,
    "RepetitionTime": 2.3,
    "InversionTime": 0.995,
    "FlipAngle": 9,
    "PartialFourier": 1,
    "BaseResolution": 256,
    "ShimSetting": [
        -618,
        -10817,
        -645,
        35,
        74,
        -463,
        53,
        -15
    ],
    "TxRefAmp": 239.931,
    "PhaseResolution": 1,
    "ReceiveCoilName": "HeadNeck_64",
    "ReceiveCoilActiveElements": "HC1-7;NC1,2",
    "CoilString": "HC1-7;NC1_2",
    "PulseSequenceDetails": "%CustomerSeq%_cstfl_wip925b",
    "WipMemBlock": "WIP_Identifier: WIP#925B",
    "RefLinesPE": 32,
    "ConsistencyInfo": "N4_VE11C_LATEST_20160120",
    "PercentPhaseFOV": 93.75,
    "PhaseEncodingSteps": 240,
    "AcquisitionMatrixPE": 240,
    "ReconMatrixPE": 240,
    "PixelBandwidth": 240,
    "DwellTime": 8.1e-06,
    "ImageOrientationPatientDICOM": [
        0.0546942,
        0.983479,
        0.172564,
        0.0347168,
        0.170845,
        -0.984686
    ],
    "InPlanePhaseEncodingDirectionDICOM": "ROW",
    "ConversionSoftware": "dcm2niix",
    "ConversionSoftwareVersion": "v1.0.20190410  (JP2:OpenJPEG) (JP-LS:CharLS) MSC1900"
}