{
    "AcquisitionDateTime": "deleted_by_bidsonym",
    "AcquisitionMatrixPE": 84,
    "AcquisitionNumber": 1,
    "AcquisitionTime": "12:31:16.750000",
    "BandwidthPerPixelPhaseEncode": 24.295,
    "BaseResolution": 84,
    "BodyPartExamined": "HEAD",
    "ConsistencyInfo": "N4_VE11C_LATEST_20160120",
    "ConversionSoftware": "dcm2niix",
    "ConversionSoftwareVersion": "v1.0.20190410  (JP2:OpenJPEG) (JP-LS:CharLS) MSC1900",
    "DerivedVendorReportedEchoSpacing": 0.000490009,
    "DeviceSerialNumber": "66072",
    "DwellTime": 2.3e-06,
    "EchoTime": 0.03,
    "EchoTrainLength": 84,
    "EffectiveEchoSpacing": 0.000490009,
    "FlipAngle": 65,
    "ImageComments": "Single-band_reference_SENSE1",
    "ImageOrientationPatientDICOM": [
        0.996876,
        0.00384426,
        0.078886,
        0.0111356,
        0.981996,
        -0.188575
    ],
    "ImageType": [
        "ORIGINAL",
        "PRIMARY",
        "M",
        "ND",
        "MOSAIC"
    ],
    "ImagingFrequency": 123.232,
    "InPlanePhaseEncodingDirectionDICOM": "COL",
    "InstitutionAddress": "deleted_by_bidsonym",
    "InstitutionName": "Universite_d_aix_Marseille",
    "InstitutionalDepartmentName": "Department",
    "MRAcquisitionType": "2D",
    "MagneticFieldStrength": 3,
    "Manufacturer": "Siemens",
    "ManufacturersModelName": "Prisma",
    "Modality": "MR",
    "PartialFourier": 1,
    "PatientBirthDate": "1992-01-01",
    "PatientID": "20.07.29-11:37:56-DST-1.3.12.2.1107.5.2.43.66072",
    "PatientName": "sub-pilote1",
    "PatientPosition": "HFS",
    "PatientSex": "F",
    "PatientWeight": 46,
    "PercentPhaseFOV": 100,
    "PhaseEncodingDirection": "j",
    "PhaseEncodingSteps": 84,
    "PhaseResolution": 1,
    "PixelBandwidth": 2590,
    "ProcedureStepDescription": "Projets_GLOUPS",
    "ProtocolName": "task-gloups_run5_bold",
    "PulseSequenceDetails": "%CustomerSeq%_cmrr_mbep2d_bold",
    "ReceiveCoilActiveElements": "HC1-7",
    "ReceiveCoilName": "HeadNeck_64",
    "ReconMatrixPE": 84,
    "RepetitionTime": 0.931,
    "SAR": 0.083056,
    "ScanOptions": "FS_EXT",
    "ScanningSequence": "EP",
    "SequenceName": "epfid2d1_84",
    "SequenceVariant": "SK_SS",
    "SeriesDescription": "task-gloups_run5_bold_SBRef",
    "SeriesInstanceUID": "1.3.12.2.1107.5.2.43.66072.2020072912294847959010591.0.0.0",
    "SeriesNumber": 22,
    "ShimSetting": [
        -603,
        -10752,
        -563,
        361,
        -26,
        -272,
        -143,
        -14
    ],
    "SliceThickness": 2.5,
    "SliceTiming": [
        3.6575,
        3.5925,
        3.525,
        3.46,
        3.3925,
        3.325,
        3.26,
        3.1925,
        3.1275,
        3.06,
        2.9925,
        2.9275,
        2.86,
        2.795,
        2.7275,
        2.66,
        2.595,
        2.5275,
        2.4625,
        2.395,
        2.3275,
        2.2625,
        2.195,
        2.13,
        2.0625,
        1.995,
        1.93,
        1.8625,
        1.7975,
        1.73,
        1.6625,
        1.5975,
        1.53,
        1.465,
        1.3975,
        1.33,
        1.265,
        1.1975,
        1.1325,
        1.065,
        0.9975,
        0.9325,
        0.865,
        0.8,
        0.7325,
        0.665,
        0.6,
        0.5325,
        0.4675,
        0.4,
        0.3325,
        0.2675,
        0.2,
        0.135,
        0.0675,
        0
    ],
    "SoftwareVersions": "syngo_MR_E11",
    "SpacingBetweenSlices": 2.5,
    "StationName": "AWP66072",
    "StudyID": "1",
    "StudyInstanceUID": "1.3.12.2.1107.5.2.43.66072.30000020072907162864700000004",
    "TaskName": "gloups",
    "TotalReadoutTime": 0.0406707,
    "TxRefAmp": 213.472,
    "WipMemBlock": "e398ac80-f0cc-40aa-8fc0-6401537c7bf4||Sequence: R016 ve11c/master r/e634e98; Dec 19 2017 11:00:25 by eja"
}