{
    "Modality": "MR",
    "MagneticFieldStrength": 3,
    "ImagingFrequency": 123.232,
    "Manufacturer": "Siemens",
    "ManufacturersModelName": "Prisma",
    "InstitutionName": "Universite_d_aix_Marseille",
    "InstitutionalDepartmentName": "Department",
    "InstitutionAddress": "deleted_by_bidsonym",
    "DeviceSerialNumber": "66072",
    "StationName": "AWP66072",
    "SeriesInstanceUID": "1.3.12.2.1107.5.2.43.66072.2020113015190171029862199.0.0.0",
    "StudyInstanceUID": "1.3.12.2.1107.5.2.43.66072.30000020113008040863100000007",
    "StudyID": "1",
    "PatientName": "sub-22",
    "PatientID": "20.11.30-14:07:08-STD-1.3.12.2.1107.5.2.43.66072",
    "PatientBirthDate": "1994-10-17",
    "PatientSex": "M",
    "PatientWeight": 67,
    "BodyPartExamined": "HEAD",
    "PatientPosition": "HFS",
    "ProcedureStepDescription": "Projets_Gloups",
    "SoftwareVersions": "syngo_MR_E11",
    "MRAcquisitionType": "3D",
    "SeriesDescription": "T1w",
    "ProtocolName": "T1w",
    "ScanningSequence": "GR_IR",
    "SequenceVariant": "SK_SP_MP",
    "ScanOptions": "IR_WE",
    "SequenceName": "WIP_cmp3d1_16ns",
    "ImageType": [
        "ORIGINAL",
        "PRIMARY",
        "M",
        "NORM",
        "DIS3D",
        "DIS2D"
    ],
    "SeriesNumber": 39,
    "AcquisitionTime": "15:19:37.075000",
    "AcquisitionDateTime": "deleted_by_bidsonym",
    "AcquisitionNumber": 1,
    "SliceThickness": 1,
    "SAR": 0.039079,
    "EchoTime": 0.00324,
    "RepetitionTime": 2.3,
    "InversionTime": 0.995,
    "FlipAngle": 9,
    "PartialFourier": 1,
    "BaseResolution": 256,
    "ShimSetting": [
        -566,
        -10717,
        -646,
        231,
        113,
        -96,
        -147,
        -145
    ],
    "TxRefAmp": 229.339,
    "PhaseResolution": 1,
    "ReceiveCoilName": "HeadNeck_64",
    "ReceiveCoilActiveElements": "HC1-7;NC1,2",
    "CoilString": "HC1-7;NC1_2",
    "PulseSequenceDetails": "%CustomerSeq%_cstfl_wip925b",
    "WipMemBlock": "WIP_Identifier: WIP#925B",
    "RefLinesPE": 32,
    "ConsistencyInfo": "N4_VE11C_LATEST_20160120",
    "PercentPhaseFOV": 93.75,
    "PhaseEncodingSteps": 240,
    "AcquisitionMatrixPE": 240,
    "ReconMatrixPE": 240,
    "PixelBandwidth": 240,
    "DwellTime": 8.1e-06,
    "ImageOrientationPatientDICOM": [
        0.029313,
        0.988883,
        0.145776,
        0.131551,
        0.140753,
        -0.981266
    ],
    "InPlanePhaseEncodingDirectionDICOM": "ROW",
    "ConversionSoftware": "dcm2niix",
    "ConversionSoftwareVersion": "v1.0.20190410  (JP2:OpenJPEG) (JP-LS:CharLS) MSC1900"
}