{
  "Modality": "MR",
  "MagneticFieldStrength": 3,
  "ImagingFrequency": 123.232,
  "Manufacturer": "Siemens",
  "ManufacturersModelName": "Prisma",
  "InstitutionName": "Universite_d_aix_Marseille",
  "InstitutionalDepartmentName": "Department",
  "InstitutionAddress": "deleted_by_bidsonym",
  "DeviceSerialNumber": "66072",
  "StationName": "AWP66072",
  "SeriesInstanceUID": "1.3.12.2.1107.5.2.43.66072.202011161728241160044368.0.0.0",
  "StudyInstanceUID": "1.3.12.2.1107.5.2.43.66072.30000020111608270349900000013",
  "StudyID": "1",
  "PatientName": "sub-11",
  "PatientID": "20.11.16-17:08:45-STD-1.3.12.2.1107.5.2.43.66072",
  "PatientBirthDate": "1995-10-17",
  "PatientSex": "F",
  "PatientWeight": 41,
  "BodyPartExamined": "HEAD",
  "PatientPosition": "HFS",
  "ProcedureStepDescription": "Projets_Gloups",
  "SoftwareVersions": "syngo_MR_E11",
  "MRAcquisitionType": "2D",
  "SeriesDescription": "Fieldmap_topup_AP",
  "ProtocolName": "Fieldmap_topup_AP",
  "ScanningSequence": "EP",
  "SequenceVariant": "SK",
  "ScanOptions": "FS",
  "SequenceName": "epse2d1_84",
  "ImageType": [
    "ORIGINAL",
    "PRIMARY",
    "M",
    "ND",
    "MOSAIC"
  ],
  "SeriesNumber": 5,
  "AcquisitionTime": "17:28:27.317500",
  "AcquisitionDateTime": "deleted_by_bidsonym",
  "AcquisitionNumber": 1,
  "ImageComments": "SENSE1",
  "SliceThickness": 2.5,
  "SpacingBetweenSlices": 2.5,
  "SAR": 0.144827,
  "EchoTime": 0.059,
  "RepetitionTime": 7.06,
  "FlipAngle": 90,
  "PartialFourier": 1,
  "BaseResolution": 84,
  "ShimSetting": [
    -612,
    -10779,
    -603,
    499,
    -16,
    -27,
    54,
    74
  ],
  "TxRefAmp": 216.611,
  "PhaseResolution": 1,
  "ReceiveCoilName": "HeadNeck_64",
  "ReceiveCoilActiveElements": "HC1-6",
  "PulseSequenceDetails": "%CustomerSeq%_cmrr_mbep2d_se",
  "WipMemBlock": "ca0e72cc-5250-46ad-82b8-f1d4286cd738||Sequence: R016 ve11c/master r/e634e98; Dec 19 2017 11:22:56 by eja",
  "ConsistencyInfo": "N4_VE11C_LATEST_20160120",
  "PercentPhaseFOV": 100,
  "EchoTrainLength": 84,
  "PhaseEncodingSteps": 84,
  "AcquisitionMatrixPE": 84,
  "ReconMatrixPE": 84,
  "BandwidthPerPixelPhaseEncode": 23.81,
  "EffectiveEchoSpacing": 0.00049999,
  "DerivedVendorReportedEchoSpacing": 0.00049999,
  "TotalReadoutTime": 0.0414992,
  "PixelBandwidth": 2590,
  "DwellTime": 2.3e-06,
  "PhaseEncodingDirection": "j-",
  "SliceTiming": [
    3.52,
    0,
    3.645,
    0.125,
    3.7725,
    0.2525,
    3.8975,
    0.3775,
    4.0225,
    0.5025,
    4.1475,
    0.6275,
    4.275,
    0.755,
    4.4,
    0.88,
    4.525,
    1.005,
    4.6525,
    1.1325,
    4.7775,
    1.2575,
    4.9025,
    1.3825,
    5.0275,
    1.5075,
    5.155,
    1.635,
    5.28,
    1.76,
    5.405,
    1.885,
    5.5325,
    2.0125,
    5.6575,
    2.1375,
    5.7825,
    2.2625,
    5.9075,
    2.3875,
    6.035,
    2.515,
    6.16,
    2.64,
    6.285,
    2.765,
    6.4125,
    2.8925,
    6.5375,
    3.0175,
    6.6625,
    3.1425,
    6.7875,
    3.2675,
    6.915,
    3.395
  ],
  "ImageOrientationPatientDICOM": [
    0.997261,
    0.0350592,
    0.0651319,
    -0.0383109,
    0.998046,
    0.0493644
  ],
  "InPlanePhaseEncodingDirectionDICOM": "COL",
  "ConversionSoftware": "dcm2niix",
  "ConversionSoftwareVersion": "v1.0.20190410  (JP2:OpenJPEG) (JP-LS:CharLS) MSC1900",
  "Units": "Hz",
  "IntendedFor": [
    "func/sub-11_task-gloups_run-01_bold.nii.gz",
    "func/sub-11_task-gloups_run-02_bold.nii.gz",
    "func/sub-11_task-gloups_run-03_bold.nii.gz",
    "func/sub-11_task-gloups_run-04_bold.nii.gz",
    "func/sub-11_task-gloups_run-05_bold.nii.gz"
  ]
}
