{
  "AcquisitionDateTime": "deleted_by_bidsonym",
  "AcquisitionMatrixPE": 84,
  "AcquisitionNumber": 1,
  "AcquisitionTime": "14:01:3.857500",
  "BandwidthPerPixelPhaseEncode": 24.295,
  "BaseResolution": 84,
  "BodyPartExamined": "HEAD",
  "ConsistencyInfo": "N4_VE11C_LATEST_20160120",
  "ConversionSoftware": "dcm2niix",
  "ConversionSoftwareVersion": "v1.0.20190410  (JP2:OpenJPEG) (JP-LS:CharLS) MSC1900",
  "DerivedVendorReportedEchoSpacing": 0.000490009,
  "DeviceSerialNumber": "66072",
  "DwellTime": 2.3e-06,
  "EchoTime": 0.03,
  "EchoTrainLength": 84,
  "EffectiveEchoSpacing": 0.000490009,
  "FlipAngle": 65,
  "ImageComments": "Unaliased_MB4_PE3_LB_SENSE1",
  "ImageOrientationPatientDICOM": [
    0.998008,
    -0.0400962,
    0.0487039,
    0.0392119,
    0.999051,
    0.0189796
  ],
  "ImageType": [
    "ORIGINAL",
    "PRIMARY",
    "M",
    "MB",
    "ND",
    "MOSAIC"
  ],
  "ImagingFrequency": 123.232,
  "InPlanePhaseEncodingDirectionDICOM": "COL",
  "InstitutionAddress": "deleted_by_bidsonym",
  "InstitutionName": "Universite_d_aix_Marseille",
  "InstitutionalDepartmentName": "Department",
  "MRAcquisitionType": "2D",
  "MagneticFieldStrength": 3,
  "Manufacturer": "Siemens",
  "ManufacturersModelName": "Prisma",
  "Modality": "MR",
  "MultibandAccelerationFactor": 4,
  "PartialFourier": 1,
  "PatientBirthDate": "1999-10-17",
  "PatientID": "20.11.27-13:18:29-STD-1.3.12.2.1107.5.2.43.66072",
  "PatientName": "sub-18",
  "PatientPosition": "HFS",
  "PatientSex": "M",
  "PatientWeight": 64,
  "PercentPhaseFOV": 100,
  "PhaseEncodingDirection": "j",
  "PhaseEncodingSteps": 84,
  "PhaseResolution": 1,
  "PixelBandwidth": 2590,
  "ProcedureStepDescription": "Projets_Gloups",
  "ProtocolName": "task-gloups_run2_bold",
  "PulseSequenceDetails": "%CustomerSeq%_cmrr_mbep2d_bold",
  "ReceiveCoilActiveElements": "HC1-6",
  "ReceiveCoilName": "HeadNeck_64",
  "ReconMatrixPE": 84,
  "RepetitionTime": 0.931,
  "SAR": 0.0981742,
  "ScanOptions": "FS_EXT",
  "ScanningSequence": "EP",
  "SequenceName": "epfid2d1_84",
  "SequenceVariant": "SK_SS",
  "SeriesDescription": "task-gloups_run2_bold",
  "SeriesInstanceUID": "1.3.12.2.1107.5.2.43.66072.2020112714001123399274566.0.0.0",
  "SeriesNumber": 23,
  "ShimSetting": [
    -587,
    -10766,
    -555,
    312,
    73,
    -14,
    7,
    14
  ],
  "SliceThickness": 2.5,
  "SliceTiming": [
    0.865,
    0.7975,
    0.7325,
    0.665,
    0.5975,
    0.5325,
    0.465,
    0.4,
    0.3325,
    0.265,
    0.2,
    0.1325,
    0.0675,
    0,
    0.865,
    0.7975,
    0.7325,
    0.665,
    0.5975,
    0.5325,
    0.465,
    0.4,
    0.3325,
    0.265,
    0.2,
    0.1325,
    0.0675,
    0,
    0.865,
    0.7975,
    0.7325,
    0.665,
    0.5975,
    0.5325,
    0.465,
    0.4,
    0.3325,
    0.265,
    0.2,
    0.1325,
    0.0675,
    0,
    0.865,
    0.7975,
    0.7325,
    0.665,
    0.5975,
    0.5325,
    0.465,
    0.4,
    0.3325,
    0.265,
    0.2,
    0.1325,
    0.0675,
    0
  ],
  "SoftwareVersions": "syngo_MR_E11",
  "SpacingBetweenSlices": 2.5,
  "StationName": "AWP66072",
  "StudyID": "1",
  "StudyInstanceUID": "1.3.12.2.1107.5.2.43.66072.30000020112708394233900000007",
  "TaskName": "gloups",
  "TotalReadoutTime": 0.0406707,
  "TxRefAmp": 244.439,
  "WipMemBlock": "0dc02da6-483e-4e90-a0b9-596d92b1f6c1||Sequence: R016 ve11c/master r/e634e98; Dec 19 2017 11:00:25 by eja",
  "B0FieldSource": "B0map"
}
