{
    "Modality": "MR",
    "MagneticFieldStrength": 3,
    "ImagingFrequency": 123.232,
    "Manufacturer": "Siemens",
    "ManufacturersModelName": "Prisma",
    "InstitutionName": "Universite_d_aix_Marseille",
    "InstitutionalDepartmentName": "Department",
    "InstitutionAddress": "deleted_by_bidsonym",
    "DeviceSerialNumber": "66072",
    "StationName": "AWP66072",
    "SeriesInstanceUID": "1.3.12.2.1107.5.2.43.66072.2020122216100391697744924.0.0.0",
    "StudyInstanceUID": "1.3.12.2.1107.5.2.43.66072.30000020122207582646100000013",
    "StudyID": "1",
    "PatientName": "sub-25",
    "PatientID": "20.12.22-15:57:24-STD-1.3.12.2.1107.5.2.43.66072",
    "PatientBirthDate": "1992-10-17",
    "PatientSex": "F",
    "PatientWeight": 63,
    "BodyPartExamined": "HEAD",
    "PatientPosition": "HFS",
    "ProcedureStepDescription": "Projets_Gloups",
    "SoftwareVersions": "syngo_MR_E11",
    "MRAcquisitionType": "3D",
    "SeriesDescription": "T2w",
    "ProtocolName": "T2w",
    "ScanningSequence": "SE",
    "SequenceVariant": "SK_SP",
    "ScanOptions": "PFP",
    "SequenceName": "_spcR_282ns",
    "ImageType": [
        "ORIGINAL",
        "PRIMARY",
        "M",
        "ND",
        "NORM"
    ],
    "SeriesNumber": 14,
    "AcquisitionTime": "16:06:11.315000",
    "AcquisitionDateTime": "deleted_by_bidsonym",
    "AcquisitionNumber": 1,
    "SliceThickness": 1,
    "SAR": 0.16803,
    "EchoTime": 0.408,
    "RepetitionTime": 3.2,
    "FlipAngle": 120,
    "PartialFourier": 1,
    "BaseResolution": 256,
    "ShimSetting": [
        -611,
        -10856,
        -658,
        -63,
        38,
        -221,
        65,
        -94
    ],
    "TxRefAmp": 248.618,
    "PhaseResolution": 1,
    "ReceiveCoilName": "HeadNeck_64",
    "ReceiveCoilActiveElements": "HC1-7;NC1,2",
    "CoilString": "HC1-7;NC1_2",
    "PulseSequenceDetails": "%SiemensSeq%_tse_vfl",
    "RefLinesPE": 36,
    "ConsistencyInfo": "N4_VE11C_LATEST_20160120",
    "PercentPhaseFOV": 93.75,
    "EchoTrainLength": 240,
    "PhaseEncodingSteps": 201,
    "AcquisitionMatrixPE": 240,
    "ReconMatrixPE": 240,
    "PixelBandwidth": 725,
    "DwellTime": 2.7e-06,
    "ImageOrientationPatientDICOM": [
        -0.0206523,
        0.973526,
        0.227641,
        0.0657651,
        0.228519,
        -0.971316
    ],
    "InPlanePhaseEncodingDirectionDICOM": "ROW",
    "ConversionSoftware": "dcm2niix",
    "ConversionSoftwareVersion": "v1.0.20190410  (JP2:OpenJPEG) (JP-LS:CharLS) MSC1900"
}