{
  "AcquisitionDateTime": "deleted_by_bidsonym",
  "AcquisitionMatrixPE": 84,
  "AcquisitionNumber": 1,
  "AcquisitionTime": "11:58:32.587500",
  "BandwidthPerPixelPhaseEncode": 24.295,
  "BaseResolution": 84,
  "BodyPartExamined": "HEAD",
  "ConsistencyInfo": "N4_VE11C_LATEST_20160120",
  "ConversionSoftware": "dcm2niix",
  "ConversionSoftwareVersion": "v1.0.20190410  (JP2:OpenJPEG) (JP-LS:CharLS) MSC1900",
  "DerivedVendorReportedEchoSpacing": 0.000490009,
  "DeviceSerialNumber": "66072",
  "DwellTime": 2.3e-06,
  "EchoTime": 0.03,
  "EchoTrainLength": 84,
  "EffectiveEchoSpacing": 0.000490009,
  "FlipAngle": 65,
  "ImageComments": "Unaliased_MB4_PE3_LB_SENSE1",
  "ImageOrientationPatientDICOM": [
    0.99817,
    0.00928393,
    0.0597473,
    0.00156789,
    0.983835,
    -0.179069
  ],
  "ImageType": [
    "ORIGINAL",
    "PRIMARY",
    "M",
    "MB",
    "ND",
    "MOSAIC"
  ],
  "ImagingFrequency": 123.232,
  "InPlanePhaseEncodingDirectionDICOM": "COL",
  "InstitutionAddress": "deleted_by_bidsonym",
  "InstitutionName": "Universite_d_aix_Marseille",
  "InstitutionalDepartmentName": "Department",
  "MRAcquisitionType": "2D",
  "MagneticFieldStrength": 3,
  "Manufacturer": "Siemens",
  "ManufacturersModelName": "Prisma",
  "Modality": "MR",
  "MultibandAccelerationFactor": 4,
  "PartialFourier": 1,
  "PatientBirthDate": "1997-10-17",
  "PatientID": "20.11.30-11:05:22-STD-1.3.12.2.1107.5.2.43.66072",
  "PatientName": "sub-21",
  "PatientPosition": "HFS",
  "PatientSex": "M",
  "PatientWeight": 74,
  "PercentPhaseFOV": 100,
  "PhaseEncodingDirection": "j",
  "PhaseEncodingSteps": 84,
  "PhaseResolution": 1,
  "PixelBandwidth": 2590,
  "ProcedureStepDescription": "Projets_Gloups",
  "ProtocolName": "task-gloups_run4_bold",
  "PulseSequenceDetails": "%CustomerSeq%_cmrr_mbep2d_bold",
  "ReceiveCoilActiveElements": "HC1-7",
  "ReceiveCoilName": "HeadNeck_64",
  "ReconMatrixPE": 84,
  "RepetitionTime": 0.931,
  "SAR": 0.0848256,
  "ScanOptions": "FS_EXT",
  "ScanningSequence": "EP",
  "SequenceName": "epfid2d1_84",
  "SequenceVariant": "SK_SS",
  "SeriesDescription": "task-gloups_run4_bold",
  "SeriesInstanceUID": "1.3.12.2.1107.5.2.43.66072.202011301157419709945143.0.0.0",
  "SeriesNumber": 32,
  "ShimSetting": [
    -589,
    -10741,
    -590,
    380,
    77,
    -10,
    -101,
    4
  ],
  "SliceThickness": 2.5,
  "SliceTiming": [
    0.8625,
    0.7975,
    0.73,
    0.665,
    0.5975,
    0.53,
    0.465,
    0.3975,
    0.3325,
    0.265,
    0.1975,
    0.1325,
    0.065,
    0,
    0.8625,
    0.7975,
    0.73,
    0.665,
    0.5975,
    0.53,
    0.465,
    0.3975,
    0.3325,
    0.265,
    0.1975,
    0.1325,
    0.065,
    0,
    0.8625,
    0.7975,
    0.73,
    0.665,
    0.5975,
    0.53,
    0.465,
    0.3975,
    0.3325,
    0.265,
    0.1975,
    0.1325,
    0.065,
    0,
    0.8625,
    0.7975,
    0.73,
    0.665,
    0.5975,
    0.53,
    0.465,
    0.3975,
    0.3325,
    0.265,
    0.1975,
    0.1325,
    0.065,
    0
  ],
  "SoftwareVersions": "syngo_MR_E11",
  "SpacingBetweenSlices": 2.5,
  "StationName": "AWP66072",
  "StudyID": "1",
  "StudyInstanceUID": "1.3.12.2.1107.5.2.43.66072.30000020113008040863100000004",
  "TaskName": "gloups",
  "TotalReadoutTime": 0.0406707,
  "TxRefAmp": 247.141,
  "WipMemBlock": "0cb993b8-da59-46e6-bf4b-0668dfb4fbbb||Sequence: R016 ve11c/master r/e634e98; Dec 19 2017 11:00:25 by eja",
  "B0FieldSource": "B0map"
}
