{
    "AcquisitionDateTime": "deleted_by_bidsonym",
    "AcquisitionMatrixPE": 84,
    "AcquisitionNumber": 1,
    "AcquisitionTime": "09:42:45.407500",
    "BandwidthPerPixelPhaseEncode": 24.295,
    "BaseResolution": 84,
    "BodyPartExamined": "HEAD",
    "ConsistencyInfo": "N4_VE11C_LATEST_20160120",
    "ConversionSoftware": "dcm2niix",
    "ConversionSoftwareVersion": "v1.0.20190410  (JP2:OpenJPEG) (JP-LS:CharLS) MSC1900",
    "DerivedVendorReportedEchoSpacing": 0.000490009,
    "DeviceSerialNumber": "66072",
    "DwellTime": 2.3e-06,
    "EchoTime": 0.03,
    "EchoTrainLength": 84,
    "EffectiveEchoSpacing": 0.000490009,
    "FlipAngle": 65,
    "ImageComments": "Unaliased_MB4_PE3_LB_SENSE1",
    "ImageOrientationPatientDICOM": [
        0.999544,
        -0.00510632,
        -0.0297599,
        0.00314013,
        0.997832,
        -0.0657444
    ],
    "ImageType": [
        "ORIGINAL",
        "PRIMARY",
        "M",
        "MB",
        "ND",
        "MOSAIC"
    ],
    "ImagingFrequency": 123.232,
    "InPlanePhaseEncodingDirectionDICOM": "COL",
    "InstitutionAddress": "deleted_by_bidsonym",
    "InstitutionName": "Universite_d_aix_Marseille",
    "InstitutionalDepartmentName": "Department",
    "MRAcquisitionType": "2D",
    "MagneticFieldStrength": 3,
    "Manufacturer": "Siemens",
    "ManufacturersModelName": "Prisma",
    "Modality": "MR",
    "MultibandAccelerationFactor": 4,
    "PartialFourier": 1,
    "PatientBirthDate": "1993-10-17",
    "PatientID": "20.11.09-09:06:50-STD-1.3.12.2.1107.5.2.43.66072",
    "PatientName": "sub-08",
    "PatientPosition": "HFS",
    "PatientSex": "F",
    "PatientWeight": 83,
    "PercentPhaseFOV": 100,
    "PhaseEncodingDirection": "j",
    "PhaseEncodingSteps": 84,
    "PhaseResolution": 1,
    "PixelBandwidth": 2590,
    "ProcedureStepDescription": "Projets_Gloups",
    "ProtocolName": "task-gloups_run1_bold",
    "PulseSequenceDetails": "%CustomerSeq%_cmrr_mbep2d_bold",
    "ReceiveCoilActiveElements": "HC1-7",
    "ReceiveCoilName": "HeadNeck_64",
    "ReconMatrixPE": 84,
    "RepetitionTime": 0.931,
    "SAR": 0.102517,
    "ScanOptions": "FS_EXT",
    "ScanningSequence": "EP",
    "SequenceName": "epfid2d1_84",
    "SequenceVariant": "SK_SS",
    "SeriesDescription": "task-gloups_run1_bold",
    "SeriesInstanceUID": "1.3.12.2.1107.5.2.43.66072.2020110909422515171135720.0.0.0",
    "SeriesNumber": 20,
    "ShimSetting": [
        -612,
        -10776,
        -501,
        359,
        70,
        -122,
        66,
        -40
    ],
    "SliceThickness": 2.5,
    "SliceTiming": [
        0.865,
        0.7975,
        0.73,
        0.665,
        0.5975,
        0.5325,
        0.465,
        0.3975,
        0.3325,
        0.265,
        0.2,
        0.1325,
        0.065,
        0,
        0.865,
        0.7975,
        0.73,
        0.665,
        0.5975,
        0.5325,
        0.465,
        0.3975,
        0.3325,
        0.265,
        0.2,
        0.1325,
        0.065,
        0,
        0.865,
        0.7975,
        0.73,
        0.665,
        0.5975,
        0.5325,
        0.465,
        0.3975,
        0.3325,
        0.265,
        0.2,
        0.1325,
        0.065,
        0,
        0.865,
        0.7975,
        0.73,
        0.665,
        0.5975,
        0.5325,
        0.465,
        0.3975,
        0.3325,
        0.265,
        0.2,
        0.1325,
        0.065,
        0
    ],
    "SoftwareVersions": "syngo_MR_E11",
    "SpacingBetweenSlices": 2.5,
    "StationName": "AWP66072",
    "StudyID": "1",
    "StudyInstanceUID": "1.3.12.2.1107.5.2.43.66072.30000020110908081136700000001",
    "TaskName": "gloups",
    "TotalReadoutTime": 0.0406707,
    "TxRefAmp": 271.869,
    "WipMemBlock": "19e57b0a-cbba-4599-908f-33450bde12e9||Sequence: R016 ve11c/master r/e634e98; Dec 19 2017 11:00:25 by eja"
}