{
    "AcquisitionDateTime": "deleted_by_bidsonym",
    "AcquisitionMatrixPE": 84,
    "AcquisitionNumber": 1,
    "AcquisitionTime": "15:05:16.805000",
    "BandwidthPerPixelPhaseEncode": 24.295,
    "BaseResolution": 84,
    "BodyPartExamined": "HEAD",
    "ConsistencyInfo": "N4_VE11C_LATEST_20160120",
    "ConversionSoftware": "dcm2niix",
    "ConversionSoftwareVersion": "v1.0.20190410  (JP2:OpenJPEG) (JP-LS:CharLS) MSC1900",
    "DerivedVendorReportedEchoSpacing": 0.000490009,
    "DeviceSerialNumber": "66072",
    "DwellTime": 2.3e-06,
    "EchoTime": 0.03,
    "EchoTrainLength": 84,
    "EffectiveEchoSpacing": 0.000490009,
    "FlipAngle": 65,
    "ImageComments": "Single-band_reference_SENSE1",
    "ImageOrientationPatientDICOM": [
        0.998676,
        0.0506895,
        0.00878984,
        -0.0497171,
        0.994845,
        -0.0883877
    ],
    "ImageType": [
        "ORIGINAL",
        "PRIMARY",
        "M",
        "ND",
        "MOSAIC"
    ],
    "ImagingFrequency": 123.232,
    "InPlanePhaseEncodingDirectionDICOM": "COL",
    "InstitutionAddress": "deleted_by_bidsonym",
    "InstitutionName": "Universite_d_aix_Marseille",
    "InstitutionalDepartmentName": "Department",
    "MRAcquisitionType": "2D",
    "MagneticFieldStrength": 3,
    "Manufacturer": "Siemens",
    "ManufacturersModelName": "Prisma",
    "Modality": "MR",
    "PartialFourier": 1,
    "PatientBirthDate": "1998-10-17",
    "PatientID": "20.11.23-14:10:18-STD-1.3.12.2.1107.5.2.43.66072",
    "PatientName": "sub-14",
    "PatientPosition": "HFS",
    "PatientSex": "F",
    "PatientWeight": 75,
    "PercentPhaseFOV": 100,
    "PhaseEncodingDirection": "j",
    "PhaseEncodingSteps": 84,
    "PhaseResolution": 1,
    "PixelBandwidth": 2590,
    "ProcedureStepDescription": "Projets_Gloups",
    "ProtocolName": "task-gloups_run4_bold",
    "PulseSequenceDetails": "%CustomerSeq%_cmrr_mbep2d_bold",
    "ReceiveCoilActiveElements": "HC1-6",
    "ReceiveCoilName": "HeadNeck_64",
    "ReconMatrixPE": 84,
    "RepetitionTime": 0.931,
    "SAR": 0.0788827,
    "ScanOptions": "FS_EXT",
    "ScanningSequence": "EP",
    "SequenceName": "epfid2d1_84",
    "SequenceVariant": "SK_SS",
    "SeriesDescription": "task-gloups_run4_bold_SBRef",
    "SeriesInstanceUID": "1.3.12.2.1107.5.2.43.66072.2020112315042645408552844.0.0.0",
    "SeriesNumber": 28,
    "ShimSetting": [
        -604,
        -10731,
        -599,
        283,
        25,
        -36,
        44,
        -9
    ],
    "SliceThickness": 2.5,
    "SliceTiming": [
        3.6575,
        3.5925,
        3.525,
        3.4575,
        3.3925,
        3.325,
        3.26,
        3.1925,
        3.125,
        3.06,
        2.9925,
        2.9275,
        2.86,
        2.7925,
        2.7275,
        2.66,
        2.595,
        2.5275,
        2.46,
        2.395,
        2.3275,
        2.2625,
        2.195,
        2.1275,
        2.0625,
        1.995,
        1.93,
        1.8625,
        1.795,
        1.73,
        1.6625,
        1.5975,
        1.53,
        1.4625,
        1.3975,
        1.33,
        1.265,
        1.1975,
        1.13,
        1.065,
        0.9975,
        0.9325,
        0.865,
        0.7975,
        0.7325,
        0.665,
        0.6,
        0.5325,
        0.465,
        0.4,
        0.3325,
        0.2675,
        0.2,
        0.1325,
        0.0675,
        0
    ],
    "SoftwareVersions": "syngo_MR_E11",
    "SpacingBetweenSlices": 2.5,
    "StationName": "AWP66072",
    "StudyID": "1",
    "StudyInstanceUID": "1.3.12.2.1107.5.2.43.66072.30000020112308445516500000007",
    "TaskName": "gloups",
    "TotalReadoutTime": 0.0406707,
    "TxRefAmp": 237.728,
    "WipMemBlock": "2b6719ab-1301-4170-a488-98c4d75df589||Sequence: R016 ve11c/master r/e634e98; Dec 19 2017 11:00:25 by eja"
}