{
    "AcquisitionDateTime": "deleted_by_bidsonym",
    "AcquisitionMatrixPE": 84,
    "AcquisitionNumber": 1,
    "AcquisitionTime": "12:24:54.270000",
    "BandwidthPerPixelPhaseEncode": 24.295,
    "BaseResolution": 84,
    "BodyPartExamined": "HEAD",
    "ConsistencyInfo": "N4_VE11C_LATEST_20160120",
    "ConversionSoftware": "dcm2niix",
    "ConversionSoftwareVersion": "v1.0.20190410  (JP2:OpenJPEG) (JP-LS:CharLS) MSC1900",
    "DerivedVendorReportedEchoSpacing": 0.000490009,
    "DeviceSerialNumber": "66072",
    "DwellTime": 2.3e-06,
    "EchoTime": 0.03,
    "EchoTrainLength": 84,
    "EffectiveEchoSpacing": 0.000490009,
    "FlipAngle": 65,
    "ImageComments": "Unaliased_MB4_PE3_LB_SENSE1",
    "ImageOrientationPatientDICOM": [
        0.998383,
        0.00780818,
        0.0563029,
        0.0054018,
        0.973004,
        -0.230724
    ],
    "ImageType": [
        "ORIGINAL",
        "PRIMARY",
        "M",
        "MB",
        "ND",
        "MOSAIC"
    ],
    "ImagingFrequency": 123.232,
    "InPlanePhaseEncodingDirectionDICOM": "COL",
    "InstitutionAddress": "deleted_by_bidsonym",
    "InstitutionName": "Universite_d_aix_Marseille",
    "InstitutionalDepartmentName": "Department",
    "MRAcquisitionType": "2D",
    "MagneticFieldStrength": 3,
    "Manufacturer": "Siemens",
    "ManufacturersModelName": "Prisma",
    "Modality": "MR",
    "MultibandAccelerationFactor": 4,
    "PartialFourier": 1,
    "PatientBirthDate": "1993-10-17",
    "PatientID": "20.10.23-10:40:11-DST-1.3.12.2.1107.5.2.43.66072",
    "PatientName": "sub-06",
    "PatientPosition": "HFS",
    "PatientSex": "F",
    "PatientWeight": 85,
    "PercentPhaseFOV": 100,
    "PhaseEncodingDirection": "j-",
    "PhaseEncodingSteps": 84,
    "PhaseResolution": 1,
    "PixelBandwidth": 2590,
    "ProcedureStepDescription": "Projets_Gloups",
    "ProtocolName": "task-rest_run2_bold",
    "PulseSequenceDetails": "%CustomerSeq%_cmrr_mbep2d_bold",
    "ReceiveCoilActiveElements": "HC1-7",
    "ReceiveCoilName": "HeadNeck_64",
    "ReconMatrixPE": 84,
    "RepetitionTime": 0.931,
    "SAR": 0.0769973,
    "ScanOptions": "FS_EXT",
    "ScanningSequence": "EP",
    "SequenceName": "epfid2d1_84",
    "SequenceVariant": "SK_SS",
    "SeriesDescription": "task-rest_run2_bold",
    "SeriesInstanceUID": "1.3.12.2.1107.5.2.43.66072.2020102312260168544225752.0.0.0",
    "SeriesNumber": 136,
    "ShimSetting": [
        -594,
        -10770,
        -598,
        326,
        3,
        39,
        -36,
        49
    ],
    "SliceThickness": 2.5,
    "SliceTiming": [
        0.8625,
        0.7975,
        0.73,
        0.665,
        0.5975,
        0.53,
        0.465,
        0.3975,
        0.3325,
        0.265,
        0.1975,
        0.1325,
        0.065,
        0,
        0.8625,
        0.7975,
        0.73,
        0.665,
        0.5975,
        0.53,
        0.465,
        0.3975,
        0.3325,
        0.265,
        0.1975,
        0.1325,
        0.065,
        0,
        0.8625,
        0.7975,
        0.73,
        0.665,
        0.5975,
        0.53,
        0.465,
        0.3975,
        0.3325,
        0.265,
        0.1975,
        0.1325,
        0.065,
        0,
        0.8625,
        0.7975,
        0.73,
        0.665,
        0.5975,
        0.53,
        0.465,
        0.3975,
        0.3325,
        0.265,
        0.1975,
        0.1325,
        0.065,
        0
    ],
    "SoftwareVersions": "syngo_MR_E11",
    "SpacingBetweenSlices": 2.5,
    "StationName": "AWP66072",
    "StudyID": "1",
    "StudyInstanceUID": "1.3.12.2.1107.5.2.43.66072.30000020102306513526300000004",
    "TaskName": "rest",
    "TotalReadoutTime": 0.0406707,
    "TxRefAmp": 249.743,
    "WipMemBlock": "3585f437-c9c3-42c8-9b10-efd565e55ad0||Sequence: R016 ve11c/master r/e634e98; Dec 19 2017 11:00:25 by eja"
}