{
    "AcquisitionDateTime": "deleted_by_bidsonym",
    "AcquisitionMatrixPE": 84,
    "AcquisitionNumber": 1,
    "AcquisitionTime": "14:31:25.307500",
    "BandwidthPerPixelPhaseEncode": 24.295,
    "BaseResolution": 84,
    "BodyPartExamined": "HEAD",
    "ConsistencyInfo": "N4_VE11C_LATEST_20160120",
    "ConversionSoftware": "dcm2niix",
    "ConversionSoftwareVersion": "v1.0.20190410  (JP2:OpenJPEG) (JP-LS:CharLS) MSC1900",
    "DerivedVendorReportedEchoSpacing": 0.000490009,
    "DeviceSerialNumber": "66072",
    "DwellTime": 2.3e-06,
    "EchoTime": 0.03,
    "EchoTrainLength": 84,
    "EffectiveEchoSpacing": 0.000490009,
    "FlipAngle": 65,
    "ImageComments": "Unaliased_MB4_PE3_LB_SENSE1",
    "ImageOrientationPatientDICOM": [
        0.999873,
        0.011786,
        0.0107041,
        -0.0130891,
        0.991271,
        0.131188
    ],
    "ImageType": [
        "ORIGINAL",
        "PRIMARY",
        "M",
        "MB",
        "ND",
        "MOSAIC"
    ],
    "ImagingFrequency": 123.232,
    "InPlanePhaseEncodingDirectionDICOM": "COL",
    "InstitutionAddress": "deleted_by_bidsonym",
    "InstitutionName": "Universite_d_aix_Marseille",
    "InstitutionalDepartmentName": "Department",
    "MRAcquisitionType": "2D",
    "MagneticFieldStrength": 3,
    "Manufacturer": "Siemens",
    "ManufacturersModelName": "Prisma",
    "Modality": "MR",
    "MultibandAccelerationFactor": 4,
    "PartialFourier": 1,
    "PatientBirthDate": "1997-10-17",
    "PatientID": "20.11.16-13:09:48-STD-1.3.12.2.1107.5.2.43.66072",
    "PatientName": "sub-10",
    "PatientPosition": "HFS",
    "PatientSex": "F",
    "PatientWeight": 59,
    "PercentPhaseFOV": 100,
    "PhaseEncodingDirection": "j-",
    "PhaseEncodingSteps": 84,
    "PhaseResolution": 1,
    "PixelBandwidth": 2590,
    "ProcedureStepDescription": "Projets_Gloups",
    "ProtocolName": "task-rest_run2_bold",
    "PulseSequenceDetails": "%CustomerSeq%_cmrr_mbep2d_bold",
    "ReceiveCoilActiveElements": "HC1-7",
    "ReceiveCoilName": "HeadNeck_64",
    "ReconMatrixPE": 84,
    "RepetitionTime": 0.931,
    "SAR": 0.0939459,
    "ScanOptions": "FS_EXT",
    "ScanningSequence": "EP",
    "SequenceName": "epfid2d1_84",
    "SequenceVariant": "SK_SS",
    "SeriesDescription": "task-rest_run2_bold",
    "SeriesInstanceUID": "1.3.12.2.1107.5.2.43.66072.2020111614322456817245518.0.0.0",
    "SeriesNumber": 47,
    "ShimSetting": [
        -601,
        -10783,
        -609,
        499,
        60,
        -47,
        86,
        9
    ],
    "SliceThickness": 2.5,
    "SliceTiming": [
        0.865,
        0.7975,
        0.7325,
        0.665,
        0.6,
        0.5325,
        0.465,
        0.4,
        0.3325,
        0.2675,
        0.2,
        0.1325,
        0.0675,
        0,
        0.865,
        0.7975,
        0.7325,
        0.665,
        0.6,
        0.5325,
        0.465,
        0.4,
        0.3325,
        0.2675,
        0.2,
        0.1325,
        0.0675,
        0,
        0.865,
        0.7975,
        0.7325,
        0.665,
        0.6,
        0.5325,
        0.465,
        0.4,
        0.3325,
        0.2675,
        0.2,
        0.1325,
        0.0675,
        0,
        0.865,
        0.7975,
        0.7325,
        0.665,
        0.6,
        0.5325,
        0.465,
        0.4,
        0.3325,
        0.2675,
        0.2,
        0.1325,
        0.0675,
        0
    ],
    "SoftwareVersions": "syngo_MR_E11",
    "SpacingBetweenSlices": 2.5,
    "StationName": "AWP66072",
    "StudyID": "1",
    "StudyInstanceUID": "1.3.12.2.1107.5.2.43.66072.30000020111608270349900000007",
    "TaskName": "rest",
    "TotalReadoutTime": 0.0406707,
    "TxRefAmp": 233.245,
    "WipMemBlock": "1d831c37-8502-400e-8e56-dcc4352234e9||Sequence: R016 ve11c/master r/e634e98; Dec 19 2017 11:00:25 by eja"
}