{
  "AcquisitionDateTime": "deleted_by_bidsonym",
  "AcquisitionMatrixPE": 84,
  "AcquisitionNumber": 1,
  "AcquisitionTime": "16:20:50.597500",
  "BandwidthPerPixelPhaseEncode": 24.295,
  "BaseResolution": 84,
  "BodyPartExamined": "HEAD",
  "ConsistencyInfo": "N4_VE11C_LATEST_20160120",
  "ConversionSoftware": "dcm2niix",
  "ConversionSoftwareVersion": "v1.0.20190410  (JP2:OpenJPEG) (JP-LS:CharLS) MSC1900",
  "DerivedVendorReportedEchoSpacing": 0.000490009,
  "DeviceSerialNumber": "66072",
  "DwellTime": 2.3e-06,
  "EchoTime": 0.03,
  "EchoTrainLength": 84,
  "EffectiveEchoSpacing": 0.000490009,
  "FlipAngle": 65,
  "ImageComments": "Unaliased_MB4_PE3_LB_SENSE1",
  "ImageOrientationPatientDICOM": [
    0.995497,
    0.0675442,
    0.0665167,
    -0.0718821,
    0.995284,
    0.0651375
  ],
  "ImageType": [
    "ORIGINAL",
    "PRIMARY",
    "M",
    "MB",
    "ND",
    "MOSAIC"
  ],
  "ImagingFrequency": 123.232,
  "InPlanePhaseEncodingDirectionDICOM": "COL",
  "InstitutionAddress": "deleted_by_bidsonym",
  "InstitutionName": "Universite_d_aix_Marseille",
  "InstitutionalDepartmentName": "Department",
  "MRAcquisitionType": "2D",
  "MagneticFieldStrength": 3,
  "Manufacturer": "Siemens",
  "ManufacturersModelName": "Prisma",
  "Modality": "MR",
  "MultibandAccelerationFactor": 4,
  "PartialFourier": 1,
  "PatientBirthDate": "1998-10-17",
  "PatientID": "20.11.30-15:34:35-STD-1.3.12.2.1107.5.2.43.66072",
  "PatientName": "sub-23",
  "PatientPosition": "HFS",
  "PatientSex": "F",
  "PatientWeight": 73,
  "PercentPhaseFOV": 100,
  "PhaseEncodingDirection": "j",
  "PhaseEncodingSteps": 84,
  "PhaseResolution": 1,
  "PixelBandwidth": 2590,
  "ProcedureStepDescription": "Projets_Gloups",
  "ProtocolName": "task-gloups_run2_bold",
  "PulseSequenceDetails": "%CustomerSeq%_cmrr_mbep2d_bold",
  "ReceiveCoilActiveElements": "HC1-7",
  "ReceiveCoilName": "HeadNeck_64",
  "ReconMatrixPE": 84,
  "RepetitionTime": 0.931,
  "SAR": 0.0798054,
  "ScanOptions": "FS_EXT",
  "ScanningSequence": "EP",
  "SequenceName": "epfid2d1_84",
  "SequenceVariant": "SK_SS",
  "SeriesDescription": "task-gloups_run2_bold",
  "SeriesInstanceUID": "1.3.12.2.1107.5.2.43.66072.2020113016181021463006165.0.0.0",
  "SeriesNumber": 23,
  "ShimSetting": [
    -570,
    -10784,
    -566,
    516,
    109,
    -152,
    6,
    -2
  ],
  "SliceThickness": 2.5,
  "SliceTiming": [
    0.865,
    0.8,
    0.7325,
    0.665,
    0.6,
    0.5325,
    0.4675,
    0.4,
    0.3325,
    0.2675,
    0.2,
    0.135,
    0.0675,
    0,
    0.865,
    0.8,
    0.7325,
    0.665,
    0.6,
    0.5325,
    0.4675,
    0.4,
    0.3325,
    0.2675,
    0.2,
    0.135,
    0.0675,
    0,
    0.865,
    0.8,
    0.7325,
    0.665,
    0.6,
    0.5325,
    0.4675,
    0.4,
    0.3325,
    0.2675,
    0.2,
    0.135,
    0.0675,
    0,
    0.865,
    0.8,
    0.7325,
    0.665,
    0.6,
    0.5325,
    0.4675,
    0.4,
    0.3325,
    0.2675,
    0.2,
    0.135,
    0.0675,
    0
  ],
  "SoftwareVersions": "syngo_MR_E11",
  "SpacingBetweenSlices": 2.5,
  "StationName": "AWP66072",
  "StudyID": "1",
  "StudyInstanceUID": "1.3.12.2.1107.5.2.43.66072.30000020113008040863100000010",
  "TaskName": "gloups",
  "TotalReadoutTime": 0.0406707,
  "TxRefAmp": 235.815,
  "WipMemBlock": "70effc51-3f5c-4b17-8497-76b92d67d4c0||Sequence: R016 ve11c/master r/e634e98; Dec 19 2017 11:00:25 by eja",
  "B0FieldSource": "B0map"
}
