{
  "AcquisitionDateTime": "deleted_by_bidsonym",
  "AcquisitionMatrixPE": 84,
  "AcquisitionNumber": 1,
  "AcquisitionTime": "17:59:38.757500",
  "BandwidthPerPixelPhaseEncode": 24.295,
  "BaseResolution": 84,
  "BodyPartExamined": "HEAD",
  "ConsistencyInfo": "N4_VE11C_LATEST_20160120",
  "ConversionSoftware": "dcm2niix",
  "ConversionSoftwareVersion": "v1.0.20190410  (JP2:OpenJPEG) (JP-LS:CharLS) MSC1900",
  "DerivedVendorReportedEchoSpacing": 0.000490009,
  "DeviceSerialNumber": "66072",
  "DwellTime": 2.3e-06,
  "EchoTime": 0.03,
  "EchoTrainLength": 84,
  "EffectiveEchoSpacing": 0.000490009,
  "FlipAngle": 65,
  "ImageComments": "Unaliased_MB4_PE3_LB_SENSE1",
  "ImageOrientationPatientDICOM": [
    0.997261,
    0.0350592,
    0.0651319,
    -0.0383109,
    0.998046,
    0.0493644
  ],
  "ImageType": [
    "ORIGINAL",
    "PRIMARY",
    "M",
    "MB",
    "ND",
    "MOSAIC"
  ],
  "ImagingFrequency": 123.232,
  "InPlanePhaseEncodingDirectionDICOM": "COL",
  "InstitutionAddress": "deleted_by_bidsonym",
  "InstitutionName": "Universite_d_aix_Marseille",
  "InstitutionalDepartmentName": "Department",
  "MRAcquisitionType": "2D",
  "MagneticFieldStrength": 3,
  "Manufacturer": "Siemens",
  "ManufacturersModelName": "Prisma",
  "Modality": "MR",
  "MultibandAccelerationFactor": 4,
  "PartialFourier": 1,
  "PatientBirthDate": "1995-10-17",
  "PatientID": "20.11.16-17:08:45-STD-1.3.12.2.1107.5.2.43.66072",
  "PatientName": "sub-11",
  "PatientPosition": "HFS",
  "PatientSex": "F",
  "PatientWeight": 41,
  "PercentPhaseFOV": 100,
  "PhaseEncodingDirection": "j",
  "PhaseEncodingSteps": 84,
  "PhaseResolution": 1,
  "PixelBandwidth": 2590,
  "ProcedureStepDescription": "Projets_Gloups",
  "ProtocolName": "task-gloups_run3_bold",
  "PulseSequenceDetails": "%CustomerSeq%_cmrr_mbep2d_bold",
  "ReceiveCoilActiveElements": "HC1-6",
  "ReceiveCoilName": "HeadNeck_64",
  "ReconMatrixPE": 84,
  "RepetitionTime": 0.931,
  "SAR": 0.0850893,
  "ScanOptions": "FS_EXT",
  "ScanningSequence": "EP",
  "SequenceName": "epfid2d1_84",
  "SequenceVariant": "SK_SS",
  "SeriesDescription": "task-gloups_run3_bold",
  "SeriesInstanceUID": "1.3.12.2.1107.5.2.43.66072.2020111617584329245061444.0.0.0",
  "SeriesNumber": 26,
  "ShimSetting": [
    -612,
    -10779,
    -603,
    499,
    -16,
    -27,
    54,
    74
  ],
  "SliceThickness": 2.5,
  "SliceTiming": [
    0.865,
    0.8,
    0.7325,
    0.665,
    0.6,
    0.5325,
    0.4675,
    0.4,
    0.3325,
    0.2675,
    0.2,
    0.135,
    0.0675,
    0,
    0.865,
    0.8,
    0.7325,
    0.665,
    0.6,
    0.5325,
    0.4675,
    0.4,
    0.3325,
    0.2675,
    0.2,
    0.135,
    0.0675,
    0,
    0.865,
    0.8,
    0.7325,
    0.665,
    0.6,
    0.5325,
    0.4675,
    0.4,
    0.3325,
    0.2675,
    0.2,
    0.135,
    0.0675,
    0,
    0.865,
    0.8,
    0.7325,
    0.665,
    0.6,
    0.5325,
    0.4675,
    0.4,
    0.3325,
    0.2675,
    0.2,
    0.135,
    0.0675,
    0
  ],
  "SoftwareVersions": "syngo_MR_E11",
  "SpacingBetweenSlices": 2.5,
  "StationName": "AWP66072",
  "StudyID": "1",
  "StudyInstanceUID": "1.3.12.2.1107.5.2.43.66072.30000020111608270349900000013",
  "TaskName": "gloups",
  "TotalReadoutTime": 0.0406707,
  "TxRefAmp": 216.611,
  "WipMemBlock": "01bff98b-a35b-4010-a7b4-5013fea626f5||Sequence: R016 ve11c/master r/e634e98; Dec 19 2017 11:00:25 by eja",
  "B0FieldSource": "B0map"
}
