{
  "AcquisitionDateTime": "deleted_by_bidsonym",
  "AcquisitionMatrixPE": 84,
  "AcquisitionNumber": 1,
  "AcquisitionTime": "10:33:21.687500",
  "BandwidthPerPixelPhaseEncode": 24.295,
  "BaseResolution": 84,
  "BodyPartExamined": "HEAD",
  "ConsistencyInfo": "N4_VE11C_LATEST_20160120",
  "ConversionSoftware": "dcm2niix",
  "ConversionSoftwareVersion": "v1.0.20190410  (JP2:OpenJPEG) (JP-LS:CharLS) MSC1900",
  "DerivedVendorReportedEchoSpacing": 0.000490009,
  "DeviceSerialNumber": "66072",
  "DwellTime": 2.3e-06,
  "EchoTime": 0.03,
  "EchoTrainLength": 84,
  "EffectiveEchoSpacing": 0.000490009,
  "FlipAngle": 65,
  "ImageComments": "Unaliased_MB4_PE3_LB_SENSE1",
  "ImageOrientationPatientDICOM": [
    0.998627,
    0.0383567,
    0.0356859,
    -0.038887,
    0.999141,
    0.0142884
  ],
  "ImageType": [
    "ORIGINAL",
    "PRIMARY",
    "M",
    "MB",
    "ND",
    "MOSAIC"
  ],
  "ImagingFrequency": 123.232,
  "InPlanePhaseEncodingDirectionDICOM": "COL",
  "InstitutionAddress": "deleted_by_bidsonym",
  "InstitutionName": "Universite_d_aix_Marseille",
  "InstitutionalDepartmentName": "Department",
  "MRAcquisitionType": "2D",
  "MagneticFieldStrength": 3,
  "Manufacturer": "Siemens",
  "ManufacturersModelName": "Prisma",
  "Modality": "MR",
  "MultibandAccelerationFactor": 4,
  "PartialFourier": 1,
  "PatientBirthDate": "1999-10-17",
  "PatientID": "20.11.23-09:40:46-STD-1.3.12.2.1107.5.2.43.66072",
  "PatientName": "sub-12",
  "PatientPosition": "HFS",
  "PatientSex": "F",
  "PatientWeight": 56,
  "PercentPhaseFOV": 100,
  "PhaseEncodingDirection": "j",
  "PhaseEncodingSteps": 84,
  "PhaseResolution": 1,
  "PixelBandwidth": 2590,
  "ProcedureStepDescription": "Projets_Gloups",
  "ProtocolName": "task-gloups_run1_bold",
  "PulseSequenceDetails": "%CustomerSeq%_cmrr_mbep2d_bold",
  "ReceiveCoilActiveElements": "HC1-6",
  "ReceiveCoilName": "HeadNeck_64",
  "ReconMatrixPE": 84,
  "RepetitionTime": 0.931,
  "SAR": 0.0859101,
  "ScanOptions": "FS_EXT",
  "ScanningSequence": "EP",
  "SequenceName": "epfid2d1_84",
  "SequenceVariant": "SK_SS",
  "SeriesDescription": "task-gloups_run1_bold",
  "SeriesInstanceUID": "1.3.12.2.1107.5.2.43.66072.2020112310330813806237757.0.0.0",
  "SeriesNumber": 20,
  "ShimSetting": [
    -588,
    -10784,
    -556,
    414,
    43,
    -33,
    108,
    2
  ],
  "SliceThickness": 2.5,
  "SliceTiming": [
    0.865,
    0.8,
    0.7325,
    0.665,
    0.6,
    0.5325,
    0.4675,
    0.4,
    0.3325,
    0.2675,
    0.2,
    0.135,
    0.0675,
    0,
    0.865,
    0.8,
    0.7325,
    0.665,
    0.6,
    0.5325,
    0.4675,
    0.4,
    0.3325,
    0.2675,
    0.2,
    0.135,
    0.0675,
    0,
    0.865,
    0.8,
    0.7325,
    0.665,
    0.6,
    0.5325,
    0.4675,
    0.4,
    0.3325,
    0.2675,
    0.2,
    0.135,
    0.0675,
    0,
    0.865,
    0.8,
    0.7325,
    0.665,
    0.6,
    0.5325,
    0.4675,
    0.4,
    0.3325,
    0.2675,
    0.2,
    0.135,
    0.0675,
    0
  ],
  "SoftwareVersions": "syngo_MR_E11",
  "SpacingBetweenSlices": 2.5,
  "StationName": "AWP66072",
  "StudyID": "1",
  "StudyInstanceUID": "1.3.12.2.1107.5.2.43.66072.30000020112308445516500000001",
  "TaskName": "gloups",
  "TotalReadoutTime": 0.0406707,
  "TxRefAmp": 222.336,
  "WipMemBlock": "73dab64d-76e3-431e-b3a8-d94e40e9ea8c||Sequence: R016 ve11c/master r/e634e98; Dec 19 2017 11:00:25 by eja",
  "B0FieldSource": "B0map"
}
