{
    "Modality": "MR",
    "MagneticFieldStrength": 3,
    "ImagingFrequency": 123.262,
    "Manufacturer": "Siemens",
    "ManufacturersModelName": "Prisma",
    "InstitutionName": "Universite_d_aix_Marseille",
    "InstitutionalDepartmentName": "Department",
    "InstitutionAddress": "deleted_by_bidsonym",
    "DeviceSerialNumber": "66072",
    "StationName": "AWP66072",
    "SeriesInstanceUID": "1.3.12.2.1107.5.2.43.66072.2021042815092580986452141.0.0.0",
    "StudyInstanceUID": "1.3.12.2.1107.5.2.43.66072.30000021042808535947800000004",
    "StudyID": "1",
    "PatientName": "sub-26",
    "PatientID": "21.04.28-14:05:41-DST-1.3.12.2.1107.5.2.43.66072",
    "PatientBirthDate": "1996-01-01",
    "PatientSex": "F",
    "PatientWeight": 53,
    "BodyPartExamined": "HEAD",
    "PatientPosition": "HFS",
    "ProcedureStepDescription": "Projets_Gloups",
    "SoftwareVersions": "syngo_MR_E11",
    "MRAcquisitionType": "3D",
    "SeriesDescription": "T1w",
    "ProtocolName": "T1w",
    "ScanningSequence": "GR_IR",
    "SequenceVariant": "SK_SP_MP",
    "ScanOptions": "IR_WE",
    "SequenceName": "WIP_cmp3d1_16ns",
    "ImageType": [
        "ORIGINAL",
        "PRIMARY",
        "M",
        "NORM",
        "DIS3D",
        "DIS2D"
    ],
    "SeriesNumber": 39,
    "AcquisitionTime": "15:09:35.655000",
    "AcquisitionDateTime": "deleted_by_bidsonym",
    "AcquisitionNumber": 1,
    "SliceThickness": 1,
    "SAR": 0.0505853,
    "EchoTime": 0.00324,
    "RepetitionTime": 2.3,
    "InversionTime": 0.995,
    "FlipAngle": 9,
    "PartialFourier": 1,
    "BaseResolution": 256,
    "ShimSetting": [
        -559,
        -10703,
        -832,
        -47,
        -40,
        116,
        206,
        -32
    ],
    "TxRefAmp": 232.618,
    "PhaseResolution": 1,
    "ReceiveCoilName": "HeadNeck_64",
    "ReceiveCoilActiveElements": "HC1-7;NC1,2",
    "CoilString": "HC1-7;NC1_2",
    "PulseSequenceDetails": "%CustomerSeq%_cstfl_wip925b",
    "WipMemBlock": "WIP_Identifier: WIP#925B",
    "RefLinesPE": 32,
    "ConsistencyInfo": "N4_VE11C_LATEST_20160120",
    "PercentPhaseFOV": 93.75,
    "PhaseEncodingSteps": 240,
    "AcquisitionMatrixPE": 240,
    "ReconMatrixPE": 240,
    "PixelBandwidth": 240,
    "DwellTime": 8.1e-06,
    "ImageOrientationPatientDICOM": [
        -9.98052e-05,
        0.990567,
        0.137029,
        0.0783941,
        0.136615,
        -0.987517
    ],
    "InPlanePhaseEncodingDirectionDICOM": "ROW",
    "ConversionSoftware": "dcm2niix",
    "ConversionSoftwareVersion": "v1.0.20190410  (JP2:OpenJPEG) (JP-LS:CharLS) MSC1900"
}