{
    "Modality": "MR",
    "MagneticFieldStrength": 3,
    "ImagingFrequency": 123.232,
    "Manufacturer": "Siemens",
    "ManufacturersModelName": "Prisma",
    "InstitutionName": "Universite_d_aix_Marseille",
    "InstitutionalDepartmentName": "Department",
    "InstitutionAddress": "deleted_by_bidsonym",
    "DeviceSerialNumber": "66072",
    "StationName": "AWP66072",
    "SeriesInstanceUID": "1.3.12.2.1107.5.2.43.66072.202010231122169325231154.0.0.0",
    "StudyInstanceUID": "1.3.12.2.1107.5.2.43.66072.30000020102306513526300000004",
    "StudyID": "1",
    "PatientName": "sub-06",
    "PatientID": "20.10.23-10:40:11-DST-1.3.12.2.1107.5.2.43.66072",
    "PatientBirthDate": "1993-10-17",
    "PatientSex": "F",
    "PatientWeight": 85,
    "BodyPartExamined": "HEAD",
    "PatientPosition": "HFS",
    "ProcedureStepDescription": "Projets_Gloups",
    "SoftwareVersions": "syngo_MR_E11",
    "MRAcquisitionType": "3D",
    "SeriesDescription": "T2w",
    "ProtocolName": "T2w",
    "ScanningSequence": "SE",
    "SequenceVariant": "SK_SP",
    "ScanOptions": "PFP",
    "SequenceName": "_spcR_282ns",
    "ImageType": [
        "ORIGINAL",
        "PRIMARY",
        "M",
        "ND",
        "NORM"
    ],
    "SeriesNumber": 32,
    "AcquisitionTime": "11:18:39.450000",
    "AcquisitionDateTime": "deleted_by_bidsonym",
    "AcquisitionNumber": 1,
    "SliceThickness": 1,
    "SAR": 0.122073,
    "EchoTime": 0.408,
    "RepetitionTime": 3.2,
    "FlipAngle": 120,
    "PartialFourier": 1,
    "BaseResolution": 256,
    "ShimSetting": [
        -604,
        -10817,
        -608,
        74,
        31,
        -344,
        49,
        -27
    ],
    "TxRefAmp": 252.775,
    "PhaseResolution": 1,
    "ReceiveCoilName": "HeadNeck_64",
    "ReceiveCoilActiveElements": "HC1-7;NC1,2",
    "CoilString": "HC1-7;NC1_2",
    "PulseSequenceDetails": "%SiemensSeq%_tse_vfl",
    "RefLinesPE": 36,
    "ConsistencyInfo": "N4_VE11C_LATEST_20160120",
    "PercentPhaseFOV": 93.75,
    "EchoTrainLength": 240,
    "PhaseEncodingSteps": 201,
    "AcquisitionMatrixPE": 240,
    "ReconMatrixPE": 240,
    "PixelBandwidth": 725,
    "DwellTime": 2.7e-06,
    "ImageOrientationPatientDICOM": [
        -0.0353974,
        0.998215,
        0.0481074,
        0.0415957,
        0.0495674,
        -0.997904
    ],
    "InPlanePhaseEncodingDirectionDICOM": "ROW",
    "ConversionSoftware": "dcm2niix",
    "ConversionSoftwareVersion": "v1.0.20190410  (JP2:OpenJPEG) (JP-LS:CharLS) MSC1900"
}