{
    "Modality": "MR",
    "MagneticFieldStrength": 3,
    "ImagingFrequency": 123.232,
    "Manufacturer": "Siemens",
    "ManufacturersModelName": "Prisma",
    "InstitutionName": "Universite_d_aix_Marseille",
    "InstitutionalDepartmentName": "Department",
    "InstitutionAddress": "deleted_by_bidsonym",
    "DeviceSerialNumber": "66072",
    "StationName": "AWP66072",
    "SeriesInstanceUID": "1.3.12.2.1107.5.2.43.66072.2020072912423144440708653.0.0.0",
    "StudyInstanceUID": "1.3.12.2.1107.5.2.43.66072.30000020072907162864700000004",
    "StudyID": "1",
    "PatientName": "sub-pilote1",
    "PatientID": "20.07.29-11:37:56-DST-1.3.12.2.1107.5.2.43.66072",
    "PatientBirthDate": "1992-01-01",
    "PatientSex": "F",
    "PatientWeight": 46,
    "BodyPartExamined": "HEAD",
    "PatientPosition": "HFS",
    "ProcedureStepDescription": "Projets_GLOUPS",
    "SoftwareVersions": "syngo_MR_E11",
    "MRAcquisitionType": "3D",
    "SeriesDescription": "T2w_caipi4",
    "ProtocolName": "T2w_caipi4",
    "ScanningSequence": "SE",
    "SequenceVariant": "SK_SP",
    "ScanOptions": "PFP",
    "SequenceName": "_spcR_282ns",
    "ImageType": [
        "ORIGINAL",
        "PRIMARY",
        "M",
        "ND",
        "NORM"
    ],
    "SeriesNumber": 25,
    "AcquisitionTime": "12:38:52.322500",
    "AcquisitionDateTime": "deleted_by_bidsonym",
    "AcquisitionNumber": 1,
    "SliceThickness": 1,
    "SAR": 0.125735,
    "EchoTime": 0.408,
    "RepetitionTime": 3.2,
    "FlipAngle": 120,
    "PartialFourier": 1,
    "BaseResolution": 256,
    "ShimSetting": [
        -603,
        -10775,
        -688,
        -150,
        -7,
        -401,
        -33,
        -15
    ],
    "TxRefAmp": 213.472,
    "PhaseResolution": 1,
    "ReceiveCoilName": "HeadNeck_64",
    "ReceiveCoilActiveElements": "HC1-7;NC1,2",
    "CoilString": "HC1-7;NC1_2",
    "PulseSequenceDetails": "%SiemensSeq%_tse_vfl",
    "RefLinesPE": 36,
    "ConsistencyInfo": "N4_VE11C_LATEST_20160120",
    "PercentPhaseFOV": 93.75,
    "EchoTrainLength": 240,
    "PhaseEncodingSteps": 201,
    "AcquisitionMatrixPE": 240,
    "ReconMatrixPE": 240,
    "PixelBandwidth": 725,
    "DwellTime": 2.7e-06,
    "ImageOrientationPatientDICOM": [
        -0.00205173,
        0.999722,
        -0.0234863,
        0.0789451,
        -0.0232512,
        -0.996608
    ],
    "InPlanePhaseEncodingDirectionDICOM": "ROW",
    "ConversionSoftware": "dcm2niix",
    "ConversionSoftwareVersion": "v1.0.20190410  (JP2:OpenJPEG) (JP-LS:CharLS) MSC1900"
}