{
  "AcquisitionDateTime": "deleted_by_bidsonym",
  "AcquisitionMatrixPE": 84,
  "AcquisitionNumber": 1,
  "AcquisitionTime": "10:08:29.897500",
  "BandwidthPerPixelPhaseEncode": 24.295,
  "BaseResolution": 84,
  "BodyPartExamined": "HEAD",
  "ConsistencyInfo": "N4_VE11C_LATEST_20160120",
  "ConversionSoftware": "dcm2niix",
  "ConversionSoftwareVersion": "v1.0.20190410  (JP2:OpenJPEG) (JP-LS:CharLS) MSC1900",
  "DerivedVendorReportedEchoSpacing": 0.000490009,
  "DeviceSerialNumber": "66072",
  "DwellTime": 2.3e-06,
  "EchoTime": 0.03,
  "EchoTrainLength": 84,
  "EffectiveEchoSpacing": 0.000490009,
  "FlipAngle": 65,
  "ImageComments": "Unaliased_MB4_PE3_LB_SENSE1",
  "ImageOrientationPatientDICOM": [
    0.999516,
    0.0128505,
    0.0283408,
    -0.0132588,
    0.99981,
    0.0142662
  ],
  "ImageType": [
    "ORIGINAL",
    "PRIMARY",
    "M",
    "MB",
    "ND",
    "MOSAIC"
  ],
  "ImagingFrequency": 123.232,
  "InPlanePhaseEncodingDirectionDICOM": "COL",
  "InstitutionAddress": "deleted_by_bidsonym",
  "InstitutionName": "Universite_d_aix_Marseille",
  "InstitutionalDepartmentName": "Department",
  "MRAcquisitionType": "2D",
  "MagneticFieldStrength": 3,
  "Manufacturer": "Siemens",
  "ManufacturersModelName": "Prisma",
  "Modality": "MR",
  "MultibandAccelerationFactor": 4,
  "PartialFourier": 1,
  "PatientBirthDate": "1993-10-17",
  "PatientID": "20.10.23-08:49:38-DST-1.3.12.2.1107.5.2.43.66072",
  "PatientName": "sub-05",
  "PatientPosition": "HFS",
  "PatientSex": "F",
  "PatientWeight": 58,
  "PercentPhaseFOV": 100,
  "PhaseEncodingDirection": "j",
  "PhaseEncodingSteps": 84,
  "PhaseResolution": 1,
  "PixelBandwidth": 2590,
  "ProcedureStepDescription": "Projets_Gloups",
  "ProtocolName": "task-gloups_run5_bold",
  "PulseSequenceDetails": "%CustomerSeq%_cmrr_mbep2d_bold",
  "ReceiveCoilActiveElements": "HC1-6",
  "ReceiveCoilName": "HeadNeck_64",
  "ReconMatrixPE": 84,
  "RepetitionTime": 0.931,
  "SAR": 0.0779338,
  "ScanOptions": "FS_EXT",
  "ScanningSequence": "EP",
  "SequenceName": "epfid2d1_84",
  "SequenceVariant": "SK_SS",
  "SeriesDescription": "task-gloups_run5_bold",
  "SeriesInstanceUID": "1.3.12.2.1107.5.2.43.66072.2020102310072489585210602.0.0.0",
  "SeriesNumber": 32,
  "ShimSetting": [
    -597,
    -10746,
    -557,
    485,
    51,
    -263,
    34,
    3
  ],
  "SliceThickness": 2.5,
  "SliceTiming": [
    0.865,
    0.8,
    0.7325,
    0.665,
    0.6,
    0.5325,
    0.4675,
    0.4,
    0.3325,
    0.2675,
    0.2,
    0.135,
    0.0675,
    0,
    0.865,
    0.8,
    0.7325,
    0.665,
    0.6,
    0.5325,
    0.4675,
    0.4,
    0.3325,
    0.2675,
    0.2,
    0.135,
    0.0675,
    0,
    0.865,
    0.8,
    0.7325,
    0.665,
    0.6,
    0.5325,
    0.4675,
    0.4,
    0.3325,
    0.2675,
    0.2,
    0.135,
    0.0675,
    0,
    0.865,
    0.8,
    0.7325,
    0.665,
    0.6,
    0.5325,
    0.4675,
    0.4,
    0.3325,
    0.2675,
    0.2,
    0.135,
    0.0675,
    0
  ],
  "SoftwareVersions": "syngo_MR_E11",
  "SpacingBetweenSlices": 2.5,
  "StationName": "AWP66072",
  "StudyID": "1",
  "StudyInstanceUID": "1.3.12.2.1107.5.2.43.66072.30000020102306513526300000001",
  "TaskName": "gloups",
  "TotalReadoutTime": 0.0406707,
  "TxRefAmp": 220.155,
  "WipMemBlock": "b06d703a-39ea-46c4-b8a4-39c1d0bf0d21||Sequence: R016 ve11c/master r/e634e98; Dec 19 2017 11:00:25 by eja",
  "B0FieldSource": "B0map"
}
